NUGET
  remote: https://nuget.org/api/v2
  specs:
    FAKE (4.1.4)
    FSharp.Compiler.Service (1.4.0.1)
    FSharp.Formatting (2.10.0)
      FSharp.Compiler.Service (>= 0.0.87)
      FSharpVSPowerTools.Core (1.8.0)
    FSharpVSPowerTools.Core (1.8.0)
      FSharp.Compiler.Service (>= 0.0.87)
    Microsoft.Bcl (1.1.10)
      Microsoft.Bcl.Build (>= 1.0.14)
    Microsoft.Bcl.Build (1.0.21)
    Microsoft.Net.Http (2.2.29)
      Microsoft.Bcl (>= 1.1.10)
      Microsoft.Bcl.Build (>= 1.0.14)
    Microsoft.Owin (3.0.1) - framework: >= net45
      Owin (>= 1.0)
    Microsoft.Owin.Host.HttpListener (3.0.1) - framework: >= net45
    Microsoft.Owin.Hosting (3.0.1) - framework: >= net45
      Microsoft.Owin (>= 3.0.1)
      Owin (>= 1.0)
    Nancy (1.2.0) - framework: >= net45
    Nancy.Owin (1.2.0) - framework: >= net45
      Nancy (>= 1.2.0)
      Owin (>= 1.0)
    Nancy.Serialization.JsonNet (1.2.0) - framework: >= net45
      Nancy (>= 1.2.0)
      Newtonsoft.Json
    Newtonsoft.Json (7.0.1) - framework: >= net45
    Octokit (0.14.0)
      Microsoft.Net.Http
    Owin (1.0) - framework: >= net45
    SourceLink.Fake (1.0.0)
    Topshelf (3.2.0)
    xunit (2.0.0)
      xunit.assert (2.0.0)
      xunit.core (2.0.0)
    xunit.abstractions (2.0.0)
    xunit.assert (2.0.0)
    xunit.core (2.0.0)
      xunit.extensibility.core (2.0.0)
    xunit.extensibility.core (2.0.0)
      xunit.abstractions (2.0.0)
    xunit.runner.console (2.0.0)
GITHUB
  remote: fsharp/FAKE
  specs:
    modules/Octokit/Octokit.fsx (49e3408b7069b16fa7405d2e04eb35725e83c2ca)
      Octokit